GEM
  remote: https://rubygems.org/
  specs:
    actionmailer (4.1.0.rc1)
      actionpack (= 4.1.0.rc1)
      actionview (= 4.1.0.rc1)
      mail (~> 2.5.4)
    actionpack (4.1.0.rc1)
      actionview (= 4.1.0.rc1)
      activesupport (= 4.1.0.rc1)
      rack (~> 1.5.2)
      rack-test (~> 0.6.2)
    actionview (4.1.0.rc1)
      activesupport (= 4.1.0.rc1)
      builder (~> 3.1)
      erubis (~> 2.7.0)
    activemodel (4.1.0.rc1)
      activesupport (= 4.1.0.rc1)
      builder (~> 3.1)
    activerecord (4.1.0.rc1)
      activemodel (= 4.1.0.rc1)
      activesupport (= 4.1.0.rc1)
      arel (~> 5.0.0)
    activesupport (4.1.0.rc1)
      i18n (~> 0.6, >= 0.6.9)
      json (~> 1.7, >= 1.7.7)
      minitest (~> 5.1)
      thread_safe (~> 0.1)
      tzinfo (~> 1.1)
    arel (5.0.0)
    atomic (1.1.15)
    bootstrap-sass (3.1.1.0)
      sass (~> 3.2)
    builder (3.2.2)
    chunky_png (1.3.0)
    coffee-rails (4.0.1)
      coffee-script (>= 2.2.0)
      railties (>= 4.0.0, < 5.0)
    coffee-script (2.2.0)
      coffee-script-source
      execjs
    coffee-script-source (1.7.0)
    compass (0.12.3)
      chunky_png (~> 1.2)
      fssm (>= 0.2.7)
      sass (= 3.2.14)
    compass-rails (1.1.3)
      compass (>= 0.12.2)
    dotenv (0.10.0)
    erubis (2.7.0)
    execjs (2.0.2)
    font-awesome-rails (4.0.3.1)
      railties (>= 3.2, < 5.0)
    foreman (0.63.0)
      dotenv (>= 0.7)
      thor (>= 0.13.6)
    fssm (0.2.10)
    handlebars_assets (0.15)
      execjs (>= 1.2.9)
      multi_json
      sprockets (>= 2.0.3)
      tilt
    hike (1.2.3)
    i18n (0.6.9)
    jquery-rails (3.1.0)
      railties (>= 3.0, < 5.0)
      thor (>= 0.14, < 2.0)
    jquery-ui-rails (4.2.0)
      railties (>= 3.2.16)
    json (1.8.1)
    kgio (2.9.2)
    mail (2.5.4)
      mime-types (~> 1.16)
      treetop (~> 1.4.8)
    mime-types (1.25.1)
    minitest (5.3.0)
    multi_json (1.9.0)
    newrelic_rpm (3.7.3.199)
    polyglot (0.3.4)
    rack (1.5.2)
    rack-test (0.6.2)
      rack (>= 1.0)
    rails (4.1.0.rc1)
      actionmailer (= 4.1.0.rc1)
      actionpack (= 4.1.0.rc1)
      actionview (= 4.1.0.rc1)
      activemodel (= 4.1.0.rc1)
      activerecord (= 4.1.0.rc1)
      activesupport (= 4.1.0.rc1)
      bundler (>= 1.3.0, < 2.0)
      railties (= 4.1.0.rc1)
      sprockets-rails (~> 2.0.0)
    rails_12factor (0.0.2)
      rails_serve_static_assets
      rails_stdout_logging
    rails_serve_static_assets (0.0.2)
    rails_stdout_logging (0.0.3)
    railties (4.1.0.rc1)
      actionpack (= 4.1.0.rc1)
      activesupport (= 4.1.0.rc1)
      rake (>= 0.8.7)
      thor (>= 0.18.1, < 2.0)
    raindrops (0.13.0)
    rake (10.1.1)
    sass (3.2.14)
    sass-rails (4.0.1)
      railties (>= 4.0.0, < 5.0)
      sass (>= 3.1.10)
      sprockets-rails (~> 2.0.0)
    sprockets (2.11.0)
      hike (~> 1.2)
      multi_json (~> 1.0)
      rack (~> 1.0)
      tilt (~> 1.1, != 1.3.0)
    sprockets-rails (2.0.1)
      actionpack (>= 3.0)
      activesupport (>= 3.0)
      sprockets (~> 2.8)
    thor (0.18.1)
    thread_safe (0.2.0)
      atomic (>= 1.1.7, < 2)
    tilt (1.4.1)
    treetop (1.4.15)
      polyglot
      polyglot (>= 0.3.1)
    tzinfo (1.1.0)
      thread_safe (~> 0.1)
    uglifier (2.4.0)
      execjs (>= 0.3.0)
      json (>= 1.8.0)
    unicorn (4.8.2)
      kgio (~> 2.6)
      rack
      raindrops (~> 0.7)

PLATFORMS
  ruby

DEPENDENCIES
  bootstrap-sass
  coffee-rails
  compass-rails
  font-awesome-rails
  foreman
  handlebars_assets
  jquery-rails
  jquery-ui-rails
  newrelic_rpm
  rails (= 4.1.0.rc1)
  rails_12factor
  sass-rails
  uglifier
  unicorn
